GEM
  remote: https://rubygems.org/
  specs:
    addressable (2.3.7)
    launchy (2.4.3)
      addressable (~> 2.3)
    multi_json (1.11.0)
    paypal-sdk-adaptivepayments (1.117.0)
      paypal-sdk-core (~> 0.3.0)
    paypal-sdk-core (0.3.1)
      multi_json (~> 1.0)
      xml-simple
    xml-simple (1.1.5)

PLATFORMS
  ruby

DEPENDENCIES
  launchy
  paypal-sdk-adaptivepayments
